PATH
  remote: .
  specs:
    capistrano-port_forwarding (0.0.3)

GEM
  remote: https://rubygems.org/
  specs:
    rake (10.5.0)

PLATFORMS
  ruby

DEPENDENCIES
  bundler (~> 1.16)
  capistrano-port_forwarding!
  rake (~> 10.0)

BUNDLED WITH
   1.17.2
